STORAGE: NONE
RESTRICTION: == netstandard2.0
NUGET
  remote: https://api.nuget.org/v3/index.json
    FSharp.Core (9.0.100)
    FSharp.Text.RegexProvider (2.1)
      FSharp.Core (>= 4.3.4)
    HtmlAgilityPack (1.11.71)
    Markdig (0.38)
      System.Memory (>= 4.5.5)
    System.Buffers (4.6)
    System.Memory (4.6)
      System.Buffers (>= 4.6)
      System.Numerics.Vectors (>= 4.6)
      System.Runtime.CompilerServices.Unsafe (>= 6.1)
    System.Numerics.Vectors (4.6)
    System.Reflection.Emit.ILGeneration (4.7)
    System.Reflection.Emit.Lightweight (4.7)
      System.Reflection.Emit.ILGeneration (>= 4.7)
    System.Runtime.CompilerServices.Unsafe (6.1)
    WebSharper (6.1.7.476)
      FSharp.Core (>= 6.0)
      System.Reflection.Emit.Lightweight (>= 4.7)
    WebSharper.FSharp (6.1.7.476)
      WebSharper (6.1.7.476)
    WebSharper.HighlightJS (6.1.0.269)
      WebSharper (>= 6.1.3 < 6.2)
    WebSharper.MathJS (6.1.7.476)
      WebSharper (6.1.7.476)
    WebSharper.UI (6.1.4.317)
      HtmlAgilityPack (>= 1.11)
      WebSharper (>= 6.1.5 < 6.2)
      WebSharper.MathJS (>= 6.1.5 < 6.2)
    YamlDotNet (16.2.1)
